GEM
  remote: https://rubygems.org/
  specs:
    coderay (1.1.3)
    method_source (1.0.0)
    pandoc-ruby (2.1.7)
    pry (0.14.2)
      coderay (~> 1.1)
      method_source (~> 1.0)
    ruby-ole (1.2.12.2)
    spreadsheet (1.3.0)
      ruby-ole

PLATFORMS
  aarch64-linux
  arm64-darwin-22

DEPENDENCIES
  pandoc-ruby
  pry
  spreadsheet

BUNDLED WITH
   2.4.1
